GEM
  remote: https://rubygems.org/
  specs:
    domain_name (0.6.20240107)
    http-cookie (1.0.5)
      domain_name (~> 0.5)
    mime-types (2.99.3)
    mini_portile2 (2.8.5)
    netrc (0.11.0)
    nokogiri (1.16.2)
      mini_portile2 (~> 2.8.2)
      racc (~> 1.4)
    racc (1.7.3)
    rest-client (1.8.0)
      http-cookie (>= 1.0.2, < 2.0)
      mime-types (>= 1.16, < 3.0)
      netrc (~> 0.7)

PLATFORMS
  ruby

DEPENDENCIES
  nokogiri
  rest-client
